GEM
  remote: https://rubygems.org/
  specs:
    iron_cache (1.4.0)
      iron_core (>= 0.5.1)
    iron_core (0.5.2)
      rest (>= 2.2.0)
    iron_mq (4.0.0)
      iron_core (>= 0.5.1)
    iron_worker_ng (0.15.3)
      bundler (>= 1.2.0)
      iron_core (>= 0.5.1)
      rubyzip (>= 0.9.9)
    mime-types (1.21)
    net-http-persistent (2.8)
    net-http-pipeline (1.0.1)
    rest (2.2.0)
      net-http-persistent
      rest-client (>= 0.3.0)
    rest-client (1.6.7)
      mime-types (>= 1.16)
    rubyzip (0.9.9)

PLATFORMS
  ruby

DEPENDENCIES
  iron_cache
  iron_mq
  iron_worker_ng
  net-http-pipeline
